GEM
  remote: https://rubygems.org/
  specs:
    cliqr (2.2.0)
      sawaal (~> 1.0.0)
    excon (0.45.4)
    influxdb-lineprotocol-writer (0.2.1)
      excon (~> 0.45, >= 0.45.3)
    io-console (0.4.5)
    jmespath (1.6.1)
    json (1.8.3)
    sawaal (1.0.2)

PLATFORMS
  ruby

DEPENDENCIES
  cliqr
  influxdb-lineprotocol-writer
  io-console
  jmespath
  json

BUNDLED WITH
   1.11.2
